GIT
  remote: https://github.com/thoughtbot/capybara-webkit.git
  revision: 17873240b113eead6bd83c3c8a54f047a61c2877
  ref: 17873240b113eead6bd8
  specs:
    capybara-webkit (0.5.0)
      capybara (~> 0.4.1)

GEM
  remote: http://rubygems.org/
  specs:
    capybara (0.4.1.2)
      celerity (>= 0.7.9)
      culerity (>= 0.2.4)
      mime-types (>= 1.16)
      nokogiri (>= 1.3.3)
      rack (>= 1.0.0)
      rack-test (>= 0.5.4)
      selenium-webdriver (>= 0.0.27)
      xpath (~> 0.1.3)
    celerity (0.8.9)
    childprocess (0.2.0)
      ffi (~> 1.0.6)
    culerity (0.2.15)
    daemons (1.1.4)
    eventmachine (0.12.10)
    ffi (1.0.9)
    json_pure (1.5.3)
    mime-types (1.16)
    nokogiri (1.5.0)
    rack (1.3.2)
    rack-test (0.6.1)
      rack (>= 1.0)
    rubyzip (0.9.4)
    selenium-webdriver (2.2.0)
      childprocess (>= 0.1.9)
      ffi (>= 1.0.7)
      json_pure
      rubyzip
    sinatra (1.2.6)
      rack (~> 1.1)
      tilt (>= 1.2.2, < 2.0)
    thin (1.2.11)
      daemons (>= 1.0.9)
      eventmachine (>= 0.12.6)
      rack (>= 1.0.0)
    tilt (1.3.2)
    xpath (0.1.4)
      nokogiri (~> 1.3)

PLATFORMS
  ruby

DEPENDENCIES
  capybara-webkit!
  sinatra
  thin
